GIT
  remote: git://github.com/johnbellone/vagrant-openstack-plugin.git
  revision: f71f17cff0453ddcb65e3f91e7c5a7fdf83ae8ec
  specs:
    vagrant-openstack-plugin (0.3.0)
      fog (>= 1.10.1)

GIT
  remote: git://github.com/mitchellh/vagrant-aws.git
  revision: 46b400179891066ffda24f5e081460d00b943fa6
  specs:
    vagrant-aws (0.5.0.dev)
      fog (~> 1.18.0)

GIT
  remote: git://github.com/mitchellh/vagrant.git
  revision: b5c2a8e5707270bd5a6cfa62175118cb6cd2fac5
  specs:
    vagrant (1.5.0.dev)
      childprocess (~> 0.3.7)
      erubis (~> 2.7.0)
      i18n (~> 0.6.0)
      log4r (~> 1.1.9)
      net-scp (~> 1.1.0)
      net-ssh (>= 2.6.6, < 2.8.0)

PATH
  remote: .
  specs:
    vagrant-snapshot (0.1.0)
      fog (~> 1.18)

GEM
  remote: https://rubygems.org/
  specs:
    builder (3.2.2)
    celluloid (0.15.2)
      timers (~> 1.1.0)
    childprocess (0.3.9)
      ffi (~> 1.0, >= 1.0.11)
    coderay (1.1.0)
    columnize (0.3.6)
    debugger (1.6.4)
      columnize (>= 0.3.1)
      debugger-linecache (~> 1.2.0)
      debugger-ruby_core_source (~> 1.3.0)
    debugger-linecache (1.2.0)
    debugger-ruby_core_source (1.3.0)
    erubis (2.7.0)
    excon (0.28.0)
    ffi (1.9.3)
    fog (1.18.0)
      builder
      excon (~> 0.28.0)
      formatador (~> 0.2.0)
      mime-types
      multi_json (~> 1.0)
      net-scp (~> 1.1)
      net-ssh (>= 2.1.3)
      nokogiri (~> 1.5)
      ruby-hmac
    formatador (0.2.4)
    guard (2.2.5)
      formatador (>= 0.2.4)
      listen (~> 2.1)
      lumberjack (~> 1.0)
      pry (>= 0.9.12)
      thor (>= 0.18.1)
    guard-minitest (2.1.3)
      guard (~> 2.0)
      minitest (>= 3.0)
    i18n (0.6.9)
    listen (2.4.0)
      celluloid (>= 0.15.2)
      rb-fsevent (>= 0.9.3)
      rb-inotify (>= 0.9)
    log4r (1.1.10)
    lumberjack (1.0.4)
    method_source (0.8.2)
    mime-types (2.0)
    mini_portile (0.5.2)
    minitest (5.2.0)
    multi_json (1.8.2)
    net-scp (1.1.2)
      net-ssh (>= 2.6.5)
    net-ssh (2.7.0)
    nokogiri (1.6.1)
      mini_portile (~> 0.5.0)
    pry (0.9.12.4)
      coderay (~> 1.0)
      method_source (~> 0.8)
      slop (~> 3.4)
    pry-debugger (0.2.2)
      debugger (~> 1.3)
      pry (~> 0.9.10)
    rake (10.1.1)
    rb-fsevent (0.9.4)
    rb-inotify (0.9.3)
      ffi (>= 0.5.0)
    ruby-hmac (0.4.0)
    slop (3.4.7)
    thor (0.18.1)
    timers (1.1.0)
    vagrant-vmware-fusion (0.0.1)

PLATFORMS
  ruby

DEPENDENCIES
  bundler (~> 1.3)
  guard-minitest
  minitest
  pry-debugger
  rake
  vagrant!
  vagrant-aws!
  vagrant-openstack-plugin!
  vagrant-snapshot!
  vagrant-vmware-fusion
