GIT
  remote: https://github.com/mitchellh/vagrant
  revision: 379a3cc4267e5b5b91f79384f9afd371c2a42168
  ref: v1.5.0
  specs:
    vagrant (1.5.0)
      bundler (~> 1.5.2)
      childprocess (~> 0.5.0)
      erubis (~> 2.7.0)
      i18n (~> 0.6.0)
      listen (~> 2.4.0)
      log4r (~> 1.1.9, < 1.1.11)
      net-scp (~> 1.1.0)
      net-ssh (>= 2.6.6, < 2.8.0)
      rb-kqueue (~> 0.2.0)
      wdm (~> 0.1.0)

PATH
  remote: .
  specs:
    vagrant-snapshot (0.1.0.dev)
      fog (~> 1.18)

GEM
  remote: https://rubygems.org/
  specs:
    builder (3.2.2)
    cane (2.6.1)
      parallel
    celluloid (0.15.2)
      timers (~> 1.1.0)
    childprocess (0.5.1)
      ffi (~> 1.0, >= 1.0.11)
    coderay (1.1.0)
    coveralls (0.7.0)
      multi_json (~> 1.3)
      rest-client
      simplecov (>= 0.7)
      term-ansicolor
      thor
    diff-lcs (1.2.5)
    docile (1.1.3)
    erubis (2.7.0)
    excon (0.31.0)
    fakefs (0.5.2)
    ffi (1.9.3)
    fog (1.20.0)
      builder
      excon (~> 0.31.0)
      formatador (~> 0.2.0)
      mime-types
      multi_json (~> 1.0)
      net-scp (~> 1.1)
      net-ssh (>= 2.1.3)
      nokogiri (>= 1.5.11)
    formatador (0.2.4)
    guard (2.4.0)
      formatador (>= 0.2.4)
      listen (~> 2.1)
      lumberjack (~> 1.0)
      pry (>= 0.9.12)
      thor (>= 0.18.1)
    guard-rspec (4.2.8)
      guard (~> 2.1)
      rspec (>= 2.14, < 4.0)
    i18n (0.6.9)
    listen (2.4.1)
      celluloid (>= 0.15.2)
      rb-fsevent (>= 0.9.3)
      rb-inotify (>= 0.9)
    log4r (1.1.10)
    log_switch (0.4.0)
    lumberjack (1.0.4)
    method_source (0.8.2)
    mime-types (2.2)
    mini_portile (0.5.2)
    multi_json (1.9.0)
    net-scp (1.1.2)
      net-ssh (>= 2.6.5)
    net-ssh (2.7.0)
    nokogiri (1.6.1)
      mini_portile (~> 0.5.0)
    parallel (0.9.2)
    pry (0.9.12.6)
      coderay (~> 1.0)
      method_source (~> 0.8)
      slop (~> 3.4)
    rake (10.1.1)
    rb-fsevent (0.9.4)
    rb-inotify (0.9.3)
      ffi (>= 0.5.0)
    rb-kqueue (0.2.2)
      ffi (>= 0.5.0)
    rest-client (1.6.7)
      mime-types (>= 1.16)
    rspec (2.14.1)
      rspec-core (~> 2.14.0)
      rspec-expectations (~> 2.14.0)
      rspec-mocks (~> 2.14.0)
    rspec-core (2.14.8)
    rspec-expectations (2.14.5)
      diff-lcs (>= 1.1.3, < 2.0)
    rspec-mocks (2.14.6)
    simplecov (0.8.2)
      docile (~> 1.1.0)
      multi_json
      simplecov-html (~> 0.8.0)
    simplecov-html (0.8.0)
    slop (3.5.0)
    tailor (1.4.0)
      log_switch (>= 0.3.0)
      nokogiri (>= 1.6.0)
      term-ansicolor (>= 1.0.5)
      text-table (>= 1.2.2)
    term-ansicolor (1.3.0)
      tins (~> 1.0)
    text-table (1.2.3)
    thor (0.18.1)
    timers (1.1.0)
    tins (1.0.0)
    wdm (0.1.0)
    yard (0.8.7.3)

PLATFORMS
  ruby

DEPENDENCIES
  cane (~> 2.6)
  coveralls
  fakefs
  guard-rspec
  rake
  rspec (~> 2.11)
  tailor (~> 1.4)
  vagrant!
  vagrant-snapshot!
  yard
